GEM
  remote: https://rubygems.org/
  specs:
    aggregate (0.2.2)
    faraday (0.11.0)
      multipart-post (>= 1.2, < 3)
    librato-metrics (2.1.0)
      aggregate (~> 0.2.2)
      faraday
    multipart-post (2.0.0)

PLATFORMS
  ruby

DEPENDENCIES
  librato-metrics

BUNDLED WITH
   1.13.7
